GEM
  remote: https://rubygems.org/
  specs:
    arduino_firmata (0.3.7)
      args_parser (>= 0.1.4)
      event_emitter (>= 0.2.4)
      serialport (>= 1.1.0)
    args_parser (0.2.0)
    dotenv (1.0.2)
    event_emitter (0.2.5)
    little_bits (0.0.1)
      arduino_firmata (~> 0.3.7)
      rest_client (~> 1.8)
    netrc (0.7.9)
    rack (1.5.2)
    rack-protection (1.5.3)
      rack
    rake (10.3.2)
    rest_client (1.8.1)
      netrc (~> 0.7.7)
    serialport (1.3.1)
    sinatra (1.4.5)
      rack (~> 1.4)
      rack-protection (~> 1.4)
      tilt (~> 1.3, >= 1.3.4)
    tilt (1.4.1)

PLATFORMS
  ruby

DEPENDENCIES
  dotenv
  little_bits
  rack
  rake
  rest_client
  sinatra
